GEM
  remote: https://rubygems.org/
  specs:
    active_support (3.0.0)
      activesupport (= 3.0.0)
    activesupport (3.0.0)
    clockwork (0.5.0)
      tzinfo (~> 0.3.35)
    faraday (0.8.7)
      multipart-post (~> 1.1)
    i18n (0.6.4)
    multi_json (1.7.3)
    multipart-post (1.2.0)
    redis (3.0.4)
    simple_oauth (0.2.0)
    twitter (4.6.2)
      faraday (~> 0.8, < 0.10)
      multi_json (~> 1.0)
      simple_oauth (~> 0.2)
    tzinfo (0.3.37)

PLATFORMS
  ruby

DEPENDENCIES
  active_support
  clockwork
  i18n
  redis
  twitter
