GEM
  remote: https://rubygems.org/
  specs:
    active_support (3.0.0)
      activesupport (= 3.0.0)
    activesupport (3.0.0)
    clockwork (0.7.0)
      activesupport
      tzinfo (~> 0.3.35)
    dotenv (0.9.0)
    excon (0.25.3)
    faraday (0.8.8)
      multipart-post (~> 1.2.0)
    foreman (0.63.0)
      dotenv (>= 0.7)
      thor (>= 0.13.6)
    hashie (1.2.0)
    heroku-api (0.3.15)
      excon (~> 0.25.1)
    i18n (0.6.5)
    multi_json (1.8.2)
    multipart-post (1.2.0)
    oauth (0.4.7)
    redis (3.0.6)
    simple_oauth (0.2.0)
    thor (0.18.1)
    twitter (4.8.1)
      faraday (~> 0.8, < 0.10)
      multi_json (~> 1.0)
      simple_oauth (~> 0.2)
    tzinfo (0.3.38)
    userstream (1.3.0)
      hashie (~> 1.2.0)
      oauth (~> 0.4.7)
      yajl-ruby (~> 1.1.0)
    yajl-ruby (1.1.0)

PLATFORMS
  ruby

DEPENDENCIES
  active_support
  clockwork
  foreman
  heroku-api
  i18n
  redis
  twitter
  userstream
